GIT
  remote: git://github.com/soupcms/soupcms-common.git
  revision: e2704d3079df7f240735921a909e83340d803021
  specs:
    soupcms-common (0.5.0)

PATH
  remote: .
  specs:
    soupcms-api (0.5.0)
      bson_ext
      mongo

GEM
  remote: https://rubygems.org/
  specs:
    bson (1.10.1)
    bson_ext (1.10.1)
      bson (~> 1.10.1)
    coderay (1.1.0)
    diff-lcs (1.2.5)
    kramdown (1.3.3)
    mongo (1.10.1)
      bson (~> 1.10.1)
    puma (2.8.2)
      rack (>= 1.1, < 2.0)
    rack (1.5.2)
    rack-cache (1.2)
      rack (>= 0.4)
    rack-test (0.6.2)
      rack (>= 1.0)
    rake (10.3.2)
    redcarpet (3.1.2)
    rspec (3.0.0.rc1)
      rspec-core (= 3.0.0.rc1)
      rspec-expectations (= 3.0.0.rc1)
      rspec-mocks (= 3.0.0.rc1)
    rspec-core (3.0.0.rc1)
      rspec-support (= 3.0.0.rc1)
    rspec-expectations (3.0.0.rc1)
      diff-lcs (>= 1.2.0, < 2.0)
      rspec-support (= 3.0.0.rc1)
    rspec-mocks (3.0.0.rc1)
      rspec-support (= 3.0.0.rc1)
    rspec-support (3.0.0.rc1)

PLATFORMS
  ruby

DEPENDENCIES
  coderay
  kramdown
  puma
  rack-cache
  rack-test
  rake
  redcarpet
  rspec (~> 3.0.0.rc1)
  soupcms-api!
  soupcms-common!
