GIT
  remote: git://github.com/soupcms/soupcms-common.git
  revision: 152cdc6d6ffbf7b9f480ef0dc5952faa4e5cfa7d
  specs:
    soupcms-common (0.5.0)

PATH
  remote: .
  specs:
    soupcms-api (0.5.0)
      bson_ext
      mongo

GEM
  remote: https://rubygems.org/
  specs:
    bson (1.9.2)
    bson_ext (1.9.2)
      bson (~> 1.9.2)
    coderay (1.1.0)
    diff-lcs (1.2.5)
    kramdown (1.3.2)
    mongo (1.9.2)
      bson (~> 1.9.2)
    puma (2.8.0)
      rack (>= 1.1, < 2.0)
    rack (1.5.2)
    rack-cache (1.2)
      rack (>= 0.4)
    rack-test (0.6.2)
      rack (>= 1.0)
    rake (10.1.1)
    redcarpet (3.1.1)
    rspec (3.0.0.beta2)
      rspec-core (= 3.0.0.beta2)
      rspec-expectations (= 3.0.0.beta2)
      rspec-mocks (= 3.0.0.beta2)
    rspec-core (3.0.0.beta2)
      rspec-support (= 3.0.0.beta2)
    rspec-expectations (3.0.0.beta2)
      diff-lcs (>= 1.2.0, < 2.0)
      rspec-support (= 3.0.0.beta2)
    rspec-mocks (3.0.0.beta2)
      rspec-support (= 3.0.0.beta2)
    rspec-support (3.0.0.beta2)

PLATFORMS
  ruby

DEPENDENCIES
  coderay
  kramdown
  puma
  rack-cache
  rack-test
  rake
  redcarpet
  rspec (~> 3.0.0.beta2)
  soupcms-api!
  soupcms-common!
