GIT
  remote: git://github.com/soupcms/soupcms-common.git
  revision: 889efffcc269bdb6eabbf0ad06f4051a97cde903
  specs:
    soupcms-common (0.5.0)

PATH
  remote: .
  specs:
    soupcms-api (0.5.0)
      mongo

GEM
  remote: https://rubygems.org/
  specs:
    bson (3.1.2)
    coderay (1.1.0)
    diff-lcs (1.2.5)
    kramdown (1.8.0)
    mini_portile (0.6.2)
    mongo (2.0.6)
      bson (~> 3.0)
    nokogiri (1.6.6.2)
      mini_portile (~> 0.6.0)
    puma (2.12.1)
    rack (1.6.4)
    rack-cache (1.2)
      rack (>= 0.4)
    rack-test (0.6.3)
      rack (>= 1.0)
    rake (10.4.2)
    redcarpet (3.3.2)
    rspec (3.3.0)
      rspec-core (~> 3.3.0)
      rspec-expectations (~> 3.3.0)
      rspec-mocks (~> 3.3.0)
    rspec-core (3.3.2)
      rspec-support (~> 3.3.0)
    rspec-expectations (3.3.1)
      diff-lcs (>= 1.2.0, < 2.0)
      rspec-support (~> 3.3.0)
    rspec-mocks (3.3.2)
      diff-lcs (>= 1.2.0, < 2.0)
      rspec-support (~> 3.3.0)
    rspec-support (3.3.0)

PLATFORMS
  ruby

DEPENDENCIES
  coderay
  kramdown
  nokogiri
  puma
  rack-cache
  rack-test
  rake
  redcarpet
  rspec
  soupcms-api!
  soupcms-common!
