GIT
  remote: git://github.com/soupcms/soupcms-common.git
  revision: 92e0ba1825449f177b2b46a22461649881970895
  specs:
    soupcms-common (0.5.0)

PATH
  remote: .
  specs:
    soupcms-api (0.5.0)
      mongo

GEM
  remote: https://rubygems.org/
  specs:
    bson (4.0.0)
    coderay (1.1.0)
    diff-lcs (1.2.5)
    kramdown (1.9.0)
    mini_portile2 (2.0.0)
    mongo (2.2.1)
      bson (~> 4.0)
    nokogiri (1.6.7.1)
      mini_portile2 (~> 2.0.0.rc2)
    puma (2.15.3)
    rack (1.6.4)
    rack-cache (1.5.1)
      rack (>= 0.4)
    rack-test (0.6.3)
      rack (>= 1.0)
    rake (10.4.2)
    redcarpet (3.3.3)
    rspec (3.4.0)
      rspec-core (~> 3.4.0)
      rspec-expectations (~> 3.4.0)
      rspec-mocks (~> 3.4.0)
    rspec-core (3.4.1)
      rspec-support (~> 3.4.0)
    rspec-expectations (3.4.0)
      diff-lcs (>= 1.2.0, < 2.0)
      rspec-support (~> 3.4.0)
    rspec-mocks (3.4.0)
      diff-lcs (>= 1.2.0, < 2.0)
      rspec-support (~> 3.4.0)
    rspec-support (3.4.1)

PLATFORMS
  ruby

DEPENDENCIES
  coderay
  kramdown
  nokogiri
  puma
  rack-cache
  rack-test
  rake
  redcarpet
  rspec
  soupcms-api!
  soupcms-common!

BUNDLED WITH
   1.11.2
