GIT
  remote: git://github.com/soupcms/soupcms-common.git
  revision: 9561adbd27e8aaa28992d2f77514a196c2df4f2c
  specs:
    soupcms-common (0.5.0)

PATH
  remote: .
  specs:
    soupcms-api (0.5.0)
      bson_ext
      mongo

GEM
  remote: https://rubygems.org/
  specs:
    bson (1.12.0)
    bson_ext (1.12.0)
      bson (~> 1.12.0)
    coderay (1.1.0)
    diff-lcs (1.2.5)
    kramdown (1.5.0)
    mini_portile (0.6.2)
    mongo (1.12.0)
      bson (= 1.12.0)
    nokogiri (1.6.6.2)
      mini_portile (~> 0.6.0)
    puma (2.11.0)
      rack (>= 1.1, < 2.0)
    rack (1.6.0)
    rack-cache (1.2)
      rack (>= 0.4)
    rack-test (0.6.3)
      rack (>= 1.0)
    rake (10.4.2)
    redcarpet (3.2.2)
    rspec (3.2.0)
      rspec-core (~> 3.2.0)
      rspec-expectations (~> 3.2.0)
      rspec-mocks (~> 3.2.0)
    rspec-core (3.2.0)
      rspec-support (~> 3.2.0)
    rspec-expectations (3.2.0)
      diff-lcs (>= 1.2.0, < 2.0)
      rspec-support (~> 3.2.0)
    rspec-mocks (3.2.0)
      diff-lcs (>= 1.2.0, < 2.0)
      rspec-support (~> 3.2.0)
    rspec-support (3.2.1)

PLATFORMS
  ruby

DEPENDENCIES
  coderay
  kramdown
  nokogiri
  puma
  rack-cache
  rack-test
  rake
  redcarpet
  rspec
  soupcms-api!
  soupcms-common!
