GIT
  remote: git://github.com/soupcms/soupcms-common.git
  revision: 5f7503b352ba88f5aedd5c3a8b50355e44b016e6
  specs:
    soupcms-common (0.5.0)

PATH
  remote: .
  specs:
    soupcms-api (0.5.0)
      bson_ext
      mongo

GEM
  remote: https://rubygems.org/
  specs:
    bson (1.11.1)
    bson_ext (1.11.1)
      bson (~> 1.11.1)
    coderay (1.1.0)
    diff-lcs (1.2.5)
    kramdown (1.5.0)
    mini_portile (0.6.2)
    mongo (1.11.1)
      bson (= 1.11.1)
    nokogiri (1.6.5)
      mini_portile (~> 0.6.0)
    puma (2.10.2)
      rack (>= 1.1, < 2.0)
    rack (1.6.0)
    rack-cache (1.2)
      rack (>= 0.4)
    rack-test (0.6.2)
      rack (>= 1.0)
    rake (10.4.2)
    redcarpet (3.2.2)
    rspec (3.1.0)
      rspec-core (~> 3.1.0)
      rspec-expectations (~> 3.1.0)
      rspec-mocks (~> 3.1.0)
    rspec-core (3.1.7)
      rspec-support (~> 3.1.0)
    rspec-expectations (3.1.2)
      diff-lcs (>= 1.2.0, < 2.0)
      rspec-support (~> 3.1.0)
    rspec-mocks (3.1.3)
      rspec-support (~> 3.1.0)
    rspec-support (3.1.2)

PLATFORMS
  ruby

DEPENDENCIES
  coderay
  kramdown
  nokogiri
  puma
  rack-cache
  rack-test
  rake
  redcarpet
  rspec
  soupcms-api!
  soupcms-common!
